GEM
  remote: https://rubygems.org/
  specs:
    activemodel (5.0.0.1)
      activesupport (= 5.0.0.1)
    activerecord (5.0.0.1)
      activemodel (= 5.0.0.1)
      activesupport (= 5.0.0.1)
      arel (~> 7.0)
    activesupport (5.0.0.1)
      concurrent-ruby (~> 1.0, >= 1.0.2)
      i18n (~> 0.7)
      minitest (~> 5.1)
      tzinfo (~> 1.1)
    arel (7.1.4)
    atk (3.0.9)
      glib2 (= 3.0.9)
    cairo (1.15.2)
      pkg-config (>= 1.1.5)
    cairo-gobject (3.0.9)
      cairo
      glib2 (= 3.0.9)
    catalogdb (0.1.1)
      activerecord
      logutils (>= 0.6.1)
      logutils-activerecord (>= 0.2.1)
      props (>= 1.1.2)
      props-activerecord (>= 0.1.0)
      textutils (>= 1.3.1)
    concurrent-ruby (1.0.2)
    fetcher (0.4.5)
      logutils (>= 0.6)
    gdk3 (3.0.9)
      cairo-gobject (= 3.0.9)
      gdk_pixbuf2 (= 3.0.9)
      gobject-introspection (= 3.0.9)
      pango (= 3.0.9)
    gdk_pixbuf2 (3.0.9)
      glib2 (= 3.0.9)
    gio2 (3.0.9)
      glib2 (= 3.0.9)
      gobject-introspection (= 3.0.9)
    glib2 (3.0.9)
      pkg-config
    gobject-introspection (3.0.9)
      glib2 (= 3.0.9)
    gtk3 (3.0.9)
      atk (= 3.0.9)
      gdk3 (= 3.0.9)
      gdk_pixbuf2 (= 3.0.9)
      gio2 (= 3.0.9)
      glib2 (= 3.0.9)
      gobject-introspection (= 3.0.9)
      pango (= 3.0.9)
    i18n (0.7.0)
    logutils (0.6.1)
    logutils-activerecord (0.2.1)
      activerecord
      logutils (>= 0.6.1)
    minitest (5.9.1)
    pango (3.0.9)
      cairo (>= 1.14.0)
      glib2 (= 3.0.9)
    pkg-config (1.1.7)
    props (1.1.2)
    props-activerecord (0.1.0)
      activerecord
      props (>= 1.1.2)
    rubycat (0.2.0)
      catalogdb (>= 0.1.1)
      fetcher (>= 0.4.5)
      sqlite3
    rubyzip (1.2.0)
    sqlite3 (1.3.12)
    textutils (1.4.0)
      activesupport
      logutils (>= 0.6.1)
      props (>= 1.1.2)
      rubyzip (>= 1.0.0)
    thread_safe (0.3.5)
    tzinfo (1.2.2)
      thread_safe (~> 0.1)

PLATFORMS
  ruby

DEPENDENCIES
  gtk3 (~> 3)!
  rubycat (>= 0.2)!

BUNDLED WITH
   1.13.6
